{
	"TaskName": "imagery",
	"Manufacturer": "Compumedics Neuroscan",
	"PowerLineFrequency": 60.0,
	"SamplingFrequency": 1000.0,
	"SoftwareFilters": "n/a",
	"RecordingDuration": 3610.999,
	"RecordingType": "continuous",
	"EEGReference": "n/a",
	"EEGGround": "n/a",
	"EEGPlacementScheme": "10-10 system",
	"EEGChannelCount": 60,
	"EOGChannelCount": 0,
	"ECGChannelCount": 0,
	"EMGChannelCount": 0,
	"TriggerChannelCount": 0,
	"ManufacturersModelName": "Neuroscan SynAmps RT amplifiers",
	"SoftwareVersions": "Neuroscan",
	"CapManufacturer": "Neuroscan",
	"CapManufacturersModelName": "Quik-Cap",
	"HardwareFilters": {
		"HardwareFilter": {
			"Description": "0.1 to 200 Hz with 60 Hz notch filter"
		}
	},
	"TaskDescription": "longitudinal training study with intervention cue: 2.0s, imagery: 6.0s.",
	"Instructions": "Imagine your left (right) hand opening and closing to move the cursor left (right). Imagine both hands opening and closing to move the cursor up. Finally, to move the cursor down, voluntarily rest; in other words, clear your mind.",
	"CogAtlasID": "https://www.cognitiveatlas.org/task/id/trm_4c8a834779883/",
	"InstitutionName": "Carnegie Mellon University, University of Minnesota",
	"InstitutionAddress": "Pittsburgh, PA, USA; Minneapolis, MN, USA",
	"InstitutionalDepartmentName": "Carnegie Mellon University, Pittsburgh, PA, USA; University of Minnesota, Minneapolis, MN, USA",
	"SubjectArtefactDescription": "Impedance kept below 5.0 kOhm",
	"DeviceSerialNumber": "n/a",
	"Description": "Continuous sensorimotor rhythm based brain computer interface learning in a large population",
	"MISCChannelCount": 0
}